GEM
  remote: https://ruby.taobao.org/
  specs:
    Ascii85 (1.0.2)
    addressable (2.3.8)
    afm (0.2.2)
    asciidoctor (1.5.2)
    asciidoctor-diagram (1.2.1)
      asciidoctor (~> 1.5.0)
      rjb (~> 1.4.8)
    asciidoctor-pdf (1.5.0.alpha.8)
      asciidoctor (~> 1.5.0)
      prawn (>= 1.3.0, < 3.0.0)
      prawn-icon (= 0.6.4)
      prawn-svg (= 0.20.0)
      prawn-table (= 0.2.1)
      prawn-templates (= 0.0.3)
      safe_yaml (= 1.0.4)
      thread_safe (= 0.3.4)
      treetop (= 1.5.3)
    asciidoctor-pdf-cjk (0.1.1)
      asciidoctor-pdf (~> 1.5.0.alpha.8)
    asciidoctor-pdf-cjk-kai_gen_gothic (0.1.0)
      asciidoctor-pdf-cjk (~> 0.1.1)
    coderay (1.1.0)
    css_parser (1.3.6)
      addressable
    em-websocket (0.5.1)
      eventmachine (>= 0.12.9)
      http_parser.rb (~> 0.6.0)
    eventmachine (1.0.7)
    ffi (1.9.10)
    formatador (0.2.5)
    guard (2.13.0)
      formatador (>= 0.2.4)
      listen (>= 2.7, <= 4.0)
      lumberjack (~> 1.0)
      nenv (~> 0.1)
      notiffany (~> 0.0)
      pry (>= 0.9.12)
      shellany (~> 0.0)
      thor (>= 0.18.1)
    guard-compat (1.2.1)
    guard-livereload (2.4.0)
      em-websocket (~> 0.5)
      guard (~> 2.8)
      multi_json (~> 1.8)
    guard-shell (0.7.1)
      guard (>= 2.0.0)
      guard-compat (~> 1.0)
    hashery (2.1.1)
    http_parser.rb (0.6.0)
    listen (3.0.3)
      rb-fsevent (>= 0.9.3)
      rb-inotify (>= 0.9)
    lumberjack (1.0.9)
    method_source (0.8.2)
    multi_json (1.11.2)
    nenv (0.2.0)
    notiffany (0.0.7)
      nenv (~> 0.1)
      shellany (~> 0.0)
    pdf-core (0.6.0)
    pdf-reader (1.3.3)
      Ascii85 (~> 1.0.0)
      afm (~> 0.2.0)
      hashery (~> 2.0)
      ruby-rc4
      ttfunk
    polyglot (0.3.5)
    posix-spawn (0.3.11)
    prawn (2.0.2)
      pdf-core (~> 0.6.0)
      ttfunk (~> 1.4.0)
    prawn-icon (0.6.4)
      prawn (>= 1.1.0, < 3.0.0)
    prawn-svg (0.20.0)
      css_parser (~> 1.3)
      prawn (>= 0.8.4, < 3)
    prawn-table (0.2.1)
    prawn-templates (0.0.3)
      pdf-reader (~> 1.3)
      prawn (>= 0.15.0)
    pry (0.10.1)
      coderay (~> 1.1.0)
      method_source (~> 0.8.1)
      slop (~> 3.4)
    pygments.rb (0.6.3)
      posix-spawn (~> 0.3.6)
      yajl-ruby (~> 1.2.0)
    rb-fsevent (0.9.5)
    rb-inotify (0.9.5)
      ffi (>= 0.5.0)
    rjb (1.4.9)
    ruby-rc4 (0.1.5)
    safe_yaml (1.0.4)
    shellany (0.0.1)
    slop (3.6.0)
    thor (0.19.1)
    thread_safe (0.3.4)
    treetop (1.5.3)
      polyglot (~> 0.3)
    ttfunk (1.4.0)
    yajl-ruby (1.2.1)

PLATFORMS
  ruby

DEPENDENCIES
  asciidoctor
  asciidoctor-diagram
  asciidoctor-pdf-cjk-kai_gen_gothic
  guard
  guard-livereload
  guard-shell
  pygments.rb

BUNDLED WITH
   1.10.3
